GEM
  remote: https://rubygems.org/
  specs:
    ruby2d (0.11.1)

PLATFORMS
  ruby
  x86_64-darwin-19
  x86_64-darwin-20

DEPENDENCIES
  ruby2d

BUNDLED WITH
   2.3.6
